GEM
  remote: https://rubygems.org/
  specs:
    activemodel (3.2.13)
      activesupport (= 3.2.13)
      builder (~> 3.0.0)
    activerecord (3.2.13)
      activemodel (= 3.2.13)
      activesupport (= 3.2.13)
      arel (~> 3.0.2)
      tzinfo (~> 0.3.29)
    activesupport (3.2.13)
      i18n (= 0.6.1)
      multi_json (~> 1.0)
    arel (3.0.2)
    builder (3.0.4)
    capybara (2.0.2)
      mime-types (>= 1.16)
      nokogiri (>= 1.3.3)
      rack (>= 1.0.0)
      rack-test (>= 0.5.4)
      selenium-webdriver (~> 2.0)
      xpath (~> 1.0.0)
    childprocess (0.3.9)
      ffi (~> 1.0, >= 1.0.11)
    coderay (1.0.9)
    database_cleaner (0.9.1)
    diff-lcs (1.2.4)
    em-websocket (0.5.0)
      eventmachine (>= 0.12.9)
      http_parser.rb (~> 0.5.3)
    eventmachine (1.0.3)
    execjs (1.4.0)
      multi_json (~> 1.0)
    faraday (0.8.6)
      multipart-post (~> 1.1)
    ffi (1.9.0)
    formatador (0.2.4)
    guard (1.8.1)
      formatador (>= 0.2.4)
      listen (>= 1.0.0)
      lumberjack (>= 1.0.2)
      pry (>= 0.9.10)
      thor (>= 0.14.6)
    guard-livereload (1.4.0)
      em-websocket (>= 0.5.0)
      guard (>= 1.8.0)
      multi_json (~> 1.7)
    guard-rspec (1.2.1)
      guard (>= 1.1)
    guard-shell (0.5.1)
      guard (>= 1.1.0)
    hashie (1.2.0)
    http_parser.rb (0.5.3)
    httpauth (0.2.0)
    i18n (0.6.1)
    jwt (0.1.8)
      multi_json (>= 1.5)
    listen (1.2.2)
      rb-fsevent (>= 0.9.3)
      rb-inotify (>= 0.9)
      rb-kqueue (>= 0.2)
    lumberjack (1.0.3)
    method_source (0.8.1)
    mime-types (1.23)
    multi_json (1.7.3)
    multipart-post (1.2.0)
    nokogiri (1.5.9)
    oauth (0.4.7)
    oauth2 (0.8.1)
      faraday (~> 0.8)
      httpauth (~> 0.1)
      jwt (~> 0.1.4)
      multi_json (~> 1.0)
      rack (~> 1.2)
    omniauth (1.1.3)
      hashie (~> 1.2)
      rack
    omniauth-facebook (1.4.1)
      omniauth-oauth2 (~> 1.1.0)
    omniauth-google-oauth2 (0.1.17)
      omniauth (~> 1.0)
      omniauth-oauth2
    omniauth-oauth (1.0.1)
      oauth
      omniauth (~> 1.0)
    omniauth-oauth2 (1.1.1)
      oauth2 (~> 0.8.0)
      omniauth (~> 1.0)
    omniauth-twitter (0.0.16)
      multi_json (~> 1.3)
      omniauth-oauth (~> 1.0)
    pg (0.15.1)
    pry (0.9.12.2)
      coderay (~> 1.0.5)
      method_source (~> 0.8)
      slop (~> 3.4)
    rack (1.5.2)
    rack-protection (1.5.0)
      rack
    rack-test (0.6.2)
      rack (>= 1.0)
    racksh (1.0.0)
      rack (>= 1.0)
      rack-test (>= 0.5)
    rb-fsevent (0.9.3)
    rb-inotify (0.9.0)
      ffi (>= 0.5.0)
    rb-kqueue (0.2.0)
      ffi (>= 0.5.0)
    rspec (2.13.0)
      rspec-core (~> 2.13.0)
      rspec-expectations (~> 2.13.0)
      rspec-mocks (~> 2.13.0)
    rspec-core (2.13.1)
    rspec-expectations (2.13.0)
      diff-lcs (>= 1.1.3, < 2.0)
    rspec-mocks (2.13.1)
    rubyzip (0.9.9)
    selenium-webdriver (2.31.0)
      childprocess (>= 0.2.5)
      multi_json (~> 1.0)
      rubyzip
      websocket (~> 1.0.4)
    shotgun (0.9)
      rack (>= 1.0)
    shoulda-matchers (2.0.0)
      activesupport (>= 3.0.0)
    sinatra (1.4.2)
      rack (~> 1.5, >= 1.5.2)
      rack-protection (~> 1.4)
      tilt (~> 1.3, >= 1.3.4)
    sinatra-activerecord (1.2.2)
      activerecord (~> 3.0)
      sinatra (~> 1.0)
    slop (3.4.5)
    thor (0.18.1)
    tilt (1.4.1)
    timecop (0.6.1)
    tzinfo (0.3.37)
    uglifier (2.1.1)
      execjs (>= 0.3.0)
      multi_json (~> 1.0, >= 1.0.2)
    websocket (1.0.7)
    xpath (1.0.0)
      nokogiri (~> 1.3)

PLATFORMS
  ruby

DEPENDENCIES
  capybara
  database_cleaner
  guard
  guard-livereload
  guard-rspec
  guard-shell
  omniauth
  omniauth-facebook
  omniauth-google-oauth2
  omniauth-twitter
  pg
  racksh
  rspec
  shotgun
  shoulda-matchers
  sinatra
  sinatra-activerecord
  timecop
  uglifier
